GEM
  remote: http://rubygems.org/
  specs:
    colorize (0.7.7)
    icalendar (2.3.0)
    terminal-table (1.5.2)

PLATFORMS
  ruby

DEPENDENCIES
  colorize
  icalendar
  terminal-table

BUNDLED WITH
   1.10.6
